GEM
  remote: https://rubygems.org/
  specs:
    mini_portile (0.6.2)
    nokogiri (1.6.6.2)
      mini_portile (~> 0.6.0)
    vcardigan (0.0.9)

PLATFORMS
  ruby

DEPENDENCIES
  nokogiri
  vcardigan
